GIT
  remote: https://github.com/craigtracey/omnibus-openstack
  revision: f2726eab1958bc9e3931b9a467b3ae6b4bedc25d
  specs:
    omnibus-openstack (0.1.0)
      omnibus

GIT
  remote: https://github.com/craigtracey/omnibus-ruby
  revision: 278ee76d32d69b5bcf5cfd7bd669b0fb0f38d105
  branch: overrides
  specs:
    omnibus (1.3.0)
      fpm (~> 1.0.0)
      mixlib-config (~> 2.1.0)
      mixlib-shellout (~> 1.3.0)
      ohai (>= 0.6.12)
      rake (>= 0.9)
      thor (>= 0.16.0)
      uber-s3

GIT
  remote: https://github.com/opscode/omnibus-software
  revision: 1938725a5077a8c1fcc352a38c6462f2481b3b91
  ref: 1938725a5077a8c1fcc352a38c6462f2481b3b91
  specs:
    omnibus-software (0.0.1)

GEM
  remote: https://rubygems.org/
  specs:
    activesupport (3.2.17)
      i18n (~> 0.6, >= 0.6.4)
      multi_json (~> 1.0)
    addressable (2.3.5)
    akami (1.2.1)
      gyoku (>= 0.4.0)
      nokogiri
    arr-pm (0.0.8)
      cabin (> 0)
    backports (3.4.0)
    berkshelf (2.0.14)
      activesupport (~> 3.2.0)
      addressable (~> 2.3.4)
      buff-shell_out (~> 0.1)
      chozo (>= 0.6.1)
      faraday (~> 0.8.0)
      faraday (~> 0.8.5)
      hashie (>= 2.0.2)
      minitar (~> 0.5.4)
      rbzip2 (~> 0.2.0)
      retryable (~> 1.3.3)
      ridley (~> 1.5.0)
      solve (>= 0.5.0)
      thor (~> 0.18.0)
    buff-config (0.4.0)
      buff-extensions (~> 0.3)
      varia_model (~> 0.1)
    buff-extensions (0.5.0)
    buff-ignore (1.1.1)
    buff-ruby_engine (0.1.0)
    buff-shell_out (0.1.1)
      buff-ruby_engine (~> 0.1.0)
    builder (3.2.2)
    cabin (0.6.1)
    celluloid (0.14.1)
      timers (>= 1.0.0)
    celluloid-io (0.14.1)
      celluloid (>= 0.14.1)
      nio4r (>= 0.4.5)
    childprocess (0.3.9)
      ffi (~> 1.0, >= 1.0.11)
    chozo (0.6.1)
      activesupport (>= 3.2.0)
      hashie (>= 2.0.2)
      multi_json (>= 1.3.0)
    clamp (0.6.3)
    erubis (2.7.0)
    faraday (0.8.9)
      multipart-post (~> 1.2.0)
    ffi (1.9.3)
    fpm (1.0.2)
      arr-pm (~> 0.0.8)
      backports (>= 2.6.2)
      cabin (>= 0.6.0)
      childprocess
      clamp (~> 0.6)
      ffi
      ftw (~> 0.0.30)
      json (>= 1.7.7)
    ftw (0.0.39)
      addressable
      backports (>= 2.6.2)
      cabin (> 0)
      http_parser.rb (= 0.5.3)
    gssapi (1.0.3)
      ffi (>= 1.0.1)
    gyoku (1.1.1)
      builder (>= 2.1.2)
    hashie (2.0.5)
    hitimes (1.2.1)
    http_parser.rb (0.5.3)
    httpclient (2.3.4.1)
    httpi (0.9.7)
      rack
    i18n (0.6.9)
    ipaddress (0.8.0)
    json (1.8.1)
    little-plugger (1.1.3)
    logging (1.8.2)
      little-plugger (>= 1.1.3)
      multi_json (>= 1.8.4)
    mime-types (1.25.1)
    mini_portile (0.5.3)
    minitar (0.5.4)
    mixlib-authentication (1.3.0)
      mixlib-log
    mixlib-cli (1.4.0)
    mixlib-config (2.1.0)
    mixlib-log (1.6.0)
    mixlib-shellout (1.3.0)
    multi_json (1.9.2)
    multipart-post (1.2.0)
    net-http-persistent (2.9.4)
    net-ssh (2.8.0)
    nio4r (1.0.0)
    nokogiri (1.6.1)
      mini_portile (~> 0.5.0)
    nori (1.1.5)
    ohai (6.20.0)
      ipaddress
      mixlib-cli
      mixlib-config
      mixlib-log
      mixlib-shellout
      systemu (~> 2.5.2)
      yajl-ruby
    rack (1.5.2)
    rake (10.1.1)
    rbzip2 (0.2.0)
    retryable (1.3.5)
    ridley (1.5.3)
      addressable
      buff-config (~> 0.2)
      buff-extensions (~> 0.3)
      buff-ignore (~> 1.1)
      buff-shell_out (~> 0.1)
      celluloid (~> 0.14.0)
      celluloid-io (~> 0.14.0)
      erubis
      faraday (>= 0.8.4)
      hashie (>= 2.0.2)
      json (>= 1.7.7)
      mixlib-authentication (>= 1.3.0)
      net-http-persistent (>= 2.8)
      net-ssh
      nio4r (>= 0.5.0)
      retryable
      solve (>= 0.4.4)
      varia_model (~> 0.1)
      winrm (~> 1.1.0)
    rubyntlm (0.1.1)
    savon (0.9.5)
      akami (~> 1.0)
      builder (>= 2.1.2)
      gyoku (>= 0.4.0)
      httpi (~> 0.9)
      nokogiri (>= 1.4.0)
      nori (~> 1.0)
      wasabi (~> 1.0)
    solve (0.8.2)
    systemu (2.5.2)
    thor (0.18.1)
    timers (2.0.0)
      hitimes
    uber-s3 (0.2.4)
      mime-types (~> 1.17)
    uuidtools (2.1.4)
    varia_model (0.3.2)
      buff-extensions (~> 0.2)
      hashie (>= 2.0.2)
    wasabi (1.0.0)
      nokogiri (>= 1.4.0)
    winrm (1.1.3)
      gssapi (~> 1.0.0)
      httpclient (~> 2.2, >= 2.2.0.2)
      logging (~> 1.6, >= 1.6.1)
      nokogiri (~> 1.5)
      rubyntlm (~> 0.1.1)
      savon (= 0.9.5)
      uuidtools (~> 2.1.2)
    yajl-ruby (1.2.0)

PLATFORMS
  ruby

DEPENDENCIES
  berkshelf
  omnibus!
  omnibus-openstack!
  omnibus-software!
