GIT
  remote: https://github.com/craigtracey/omnibus-openstack
  revision: 99731365bae09493d55e6d092ce1652464486ece
  specs:
    omnibus-openstack (0.1.0)
      omnibus

GIT
  remote: https://github.com/craigtracey/omnibus-ruby
  revision: 5b407b923c46f4163b0f4e15440b02089af35af2
  branch: library_paths
  specs:
    omnibus (1.2.0)
      fpm (~> 0.4.33)
      mixlib-config (~> 1.1.2)
      mixlib-shellout (~> 1.0)
      ohai (>= 0.6.12)
      rake (>= 0.9)
      thor (>= 0.16.0)
      uber-s3

GIT
  remote: https://github.com/opscode/omnibus-software
  revision: f37700aaa3752d98d2e3d38cb6704bd850efc8ba
  specs:
    omnibus-software (0.0.1)

GEM
  remote: https://rubygems.org/
  specs:
    addressable (2.3.5)
    arr-pm (0.0.8)
      cabin (> 0)
    backports (3.4.0)
    cabin (0.6.1)
    childprocess (0.3.9)
      ffi (~> 1.0, >= 1.0.11)
    clamp (0.6.3)
    ffi (1.9.3)
    fpm (0.4.42)
      arr-pm (~> 0.0.8)
      backports (>= 2.6.2)
      cabin (>= 0.6.0)
      childprocess
      clamp (~> 0.6)
      ftw (~> 0.0.30)
      json (>= 1.7.7)
    ftw (0.0.39)
      addressable
      backports (>= 2.6.2)
      cabin (> 0)
      http_parser.rb (= 0.5.3)
    http_parser.rb (0.5.3)
    ipaddress (0.8.0)
    json (1.8.1)
    mime-types (1.25.1)
    mixlib-cli (1.4.0)
    mixlib-config (1.1.2)
    mixlib-log (1.6.0)
    mixlib-shellout (1.3.0)
    ohai (6.20.0)
      ipaddress
      mixlib-cli
      mixlib-config
      mixlib-log
      mixlib-shellout
      systemu (~> 2.5.2)
      yajl-ruby
    rake (10.1.1)
    systemu (2.5.2)
    thor (0.18.1)
    uber-s3 (0.2.4)
      mime-types (~> 1.17)
    yajl-ruby (1.2.0)

PLATFORMS
  ruby

DEPENDENCIES
  omnibus!
  omnibus-openstack!
  omnibus-software!
